GEM
  remote: https://rubygems.org/
  specs:
    ruby2d (0.9.2)

PLATFORMS
  x86_64-linux

DEPENDENCIES
  ruby2d (= 0.9.2)

RUBY VERSION
   ruby 3.1.0p0

BUNDLED WITH
   2.4.3
